GEM
  remote: https://rubygems.org/
  specs:
    pg (1.5.2)

PLATFORMS
  arm64-darwin-22

DEPENDENCIES
  pg (~> 1.5)

BUNDLED WITH
   2.2.3
